GIT
  remote: git://github.com/holidayextras/active_merchant.git
  revision: 4758c21fafd75ca9f6c156d508263c517d5edf97
  branch: cybersource-subscriptions
  specs:
    activemerchant (1.12.1)
      activesupport (>= 2.3.8)
      braintree (>= 2.0.0)
      builder (>= 2.0.0)

GEM
  remote: http://rubygems.org/
  specs:
    activesupport (3.0.6)
    braintree (2.9.1)
      builder
    builder (3.0.0)
    i18n (0.5.0)

PLATFORMS
  ruby

DEPENDENCIES
  activemerchant!
  i18n
